GEM
  remote: http://rubygems.org/
  specs:
    curb (0.7.16)
    json (1.6.1)
    rack (1.3.3)
    sinatra (1.2.6)
      rack (~> 1.1)
      tilt (>= 1.2.2, < 2.0)
    tilt (1.3.3)

PLATFORMS
  ruby

DEPENDENCIES
  curb
  json
  sinatra
